PATH
  remote: .
  specs:
    nagelier (0.0.1)
      fitgem
      serialport

GEM
  remote: https://rubygems.org/
  specs:
    fitgem (0.8.0)
      oauth
    oauth (0.4.7)
    rake (10.1.0)
    serialport (1.1.0)

PLATFORMS
  ruby

DEPENDENCIES
  bundler (~> 1.3)
  nagelier!
  rake
