PATH
  remote: .
  specs:
    nagelier (0.0.1)
      active_support
      fitgem
      serialport

GEM
  remote: https://rubygems.org/
  specs:
    active_support (3.0.0)
      activesupport (= 3.0.0)
    activesupport (3.0.0)
    coderay (1.0.9)
    fitgem (0.8.0)
      oauth
    method_source (0.8.2)
    oauth (0.4.7)
    pry (0.9.12.2)
      coderay (~> 1.0.5)
      method_source (~> 0.8)
      slop (~> 3.4)
    rake (10.1.0)
    serialport (1.1.0)
    slop (3.4.6)

PLATFORMS
  ruby

DEPENDENCIES
  bundler (~> 1.3)
  nagelier!
  pry
  rake
